GEM
  remote: https://rubygems.org/
  specs:
    archive-zip (0.11.0)
      io-like (~> 0.3.0)
    childprocess (0.9.0)
      ffi (~> 1.0, >= 1.0.11)
    chromedriver-helper (2.1.0)
      archive-zip (~> 0.10)
      nokogiri (~> 1.8)
    ffi (1.9.25)
    foreman (0.85.0)
      thor (~> 0.19.1)
    git-version-bump (0.15.1)
    io-like (0.3.0)
    json (1.8.3)
    kgio (2.11.2)
    mini_portile2 (2.3.0)
    nokogiri (1.8.5)
      mini_portile2 (~> 2.3.0)
    rack (1.6.8)
    rack-contrib (1.4.0)
      git-version-bump (~> 0.15)
      rack (~> 1.4)
    rack-protection (1.5.3)
      rack
    raindrops (0.19.0)
    rake (12.3.2)
    rubyzip (1.2.2)
    selenium-webdriver (2.53.4)
      childprocess (~> 0.5)
      rubyzip (~> 1.0)
      websocket (~> 1.0)
    sinatra (1.4.8)
      rack (~> 1.5)
      rack-protection (~> 1.4)
      tilt (>= 1.3, < 3)
    sinatra-cross_origin (0.4.0)
    sinatra-param (1.5.0)
      sinatra (>= 1.3)
    thor (0.19.4)
    tilt (2.0.9)
    unicorn (5.4.0)
      kgio (~> 2.6)
      raindrops (~> 0.7)
    websocket (1.2.8)

PLATFORMS
  ruby

DEPENDENCIES
  chromedriver-helper
  foreman
  json
  rack (= 1.6.8)
  rack-contrib (= 1.4.0)
  rake
  selenium-webdriver (= 2.53.4)
  sinatra (= 1.4.8)
  sinatra-cross_origin
  sinatra-param
  unicorn (= 5.4.0)

BUNDLED WITH
   1.17.1
